NUGET
  remote: https://www.nuget.org/api/v2
    Argu (3.2)
    Basis.Core (1.1.3)
    FSharp.Core (4.0.0.1) - redirects: on
    FSharp.Data (2.3.2)
      Zlib.Portable (>= 1.11) - framework: >= netstandard11, portable-net45+sl5+win8, portable-net45+win8, portable-net45+win8+wp8+wpa81
    MathNet.Numerics (3.13.1)
      TaskParallelLibrary (>= 1.0.2856) - framework: net35
    MathNet.Numerics.FSharp (3.13.1)
      FSharp.Core (>= 3.1.2.5)
      MathNet.Numerics (3.13.1)
    TaskParallelLibrary (1.0.2856) - framework: net35
    Zlib.Portable (1.11) - framework: >= netstandard11, portable-net45+sl5+win8, portable-net45+win8, portable-net45+win8+wp8+wpa81
